GEM
  remote: http://rubygems.org/
  specs:
    Platform (0.4.1)
    aws-s3 (0.6.3)
      builder
      mime-types
      xml-simple
    builder (2.1.2)
    coderay (1.1.2)
    ffi (1.9.25)
    ffi (1.9.25-x86-mingw32)
    interactive_editor (0.0.11)
      spoon (>= 0.0.1)
    method_source (0.9.0)
    mime-types (1.25.1)
    pry (0.11.3)
      coderay (~> 1.1.0)
      method_source (~> 0.9.0)
    rake (12.3.3)
    spoon (0.0.6)
      ffi
    utility_belt (1.1.0)
      Platform (>= 0.4.0)
      aws-s3 (>= 0.4.0)
      wirble (>= 0.1.2)
    wirble (0.1.3)
    xml-simple (1.1.5)

PLATFORMS
  ruby
  x86-mingw32

DEPENDENCIES
  interactive_editor
  pry
  rake
  utility_belt

BUNDLED WITH
   1.16.0
