GEM
  remote: http://rubygems.org/
  specs:
    Platform (0.4.0)
    abstract (1.0.0)
    actionmailer (3.0.7)
      actionpack (= 3.0.7)
      mail (~> 2.2.15)
    actionpack (3.0.7)
      activemodel (= 3.0.7)
      activesupport (= 3.0.7)
      builder (~> 2.1.2)
      erubis (~> 2.6.6)
      i18n (~> 0.5.0)
      rack (~> 1.2.1)
      rack-mount (~> 0.6.14)
      rack-test (~> 0.5.7)
      tzinfo (~> 0.3.23)
    activemodel (3.0.7)
      activesupport (= 3.0.7)
      builder (~> 2.1.2)
      i18n (~> 0.5.0)
    activesupport (3.0.7)
    aws-s3 (0.6.2)
      builder
      mime-types
      xml-simple
    builder (2.1.2)
    erubis (2.6.6)
      abstract (>= 1.0.0)
    gemit (0.0.2)
    i18n (0.5.0)
    interactive_editor (0.0.8)
      spoon (>= 0.0.1)
    mail (2.2.19)
      activesupport (>= 2.3.6)
      i18n (>= 0.4.0)
      mime-types (~> 1.16)
      treetop (~> 1.4.8)
    mime-types (1.16)
    polyglot (0.3.1)
    rack (1.2.3)
    rack-mount (0.6.14)
      rack (>= 1.0.0)
    rack-test (0.5.7)
      rack (>= 1.0)
    rest-client (1.6.3)
      mime-types (>= 1.16)
    sendln (0.0.3)
      actionmailer (= 3.0.7)
    spoon (0.0.1)
    tc-client (0.0.1)
      rest-client (>= 1.6.1)
    treetop (1.4.9)
      polyglot (>= 0.3.1)
    tzinfo (0.3.29)
    utility_belt (1.1.0)
      Platform (>= 0.4.0)
      aws-s3 (>= 0.4.0)
      wirble (>= 0.1.2)
    wirble (0.1.3)
    xml-simple (1.1.0)

PLATFORMS
  x86-mingw32

DEPENDENCIES
  gemit
  interactive_editor
  sendln
  tc-client
  utility_belt
